GEM
  remote: https://rubygems.org/
  specs:
    certified (1.0.0)
    json_pure (2.6.1)
    kramdown (2.4.0)
      rexml
    kramdown-parser-gfm (1.1.0)
      kramdown (~> 2.0)
    kramdown-rfc (1.6.9)
      kramdown-rfc2629 (= 1.6.9)
    kramdown-rfc2629 (1.6.9)
      certified (~> 1.0)
      json_pure (~> 2.0)
      kramdown (~> 2.4.0)
      kramdown-parser-gfm (~> 1.1)
    rexml (3.2.5)

PLATFORMS
  arm64-darwin-20
  x86_64-linux

DEPENDENCIES
  kramdown-rfc

BUNDLED WITH
   2.2.3
