GEM
  remote: https://rubygems.org/
  specs:
    certified (1.0.0)
    json_pure (2.6.3)
    kramdown (2.4.0)
      rexml
    kramdown-parser-gfm (1.1.0)
      kramdown (~> 2.0)
    kramdown-rfc (1.6.24)
      kramdown-rfc2629 (= 1.6.24)
    kramdown-rfc2629 (1.6.24)
      certified (~> 1.0)
      json_pure (~> 2.0)
      kramdown (~> 2.4.0)
      kramdown-parser-gfm (~> 1.1)
      unicode-name (~> 1.0)
    rexml (3.2.5)
    unicode-name (1.11.0)
      unicode-types (~> 1.8)
    unicode-types (1.8.0)

PLATFORMS
  arm64-darwin-20
  x86_64-linux

DEPENDENCIES
  kramdown-rfc

BUNDLED WITH
   2.2.3
