GEM
  remote: https://rubygems.org/
  specs:
    certified (1.0.0)
    connection_pool (2.4.1)
    differ (0.1.2)
    json_pure (2.6.3)
    kramdown (2.4.0)
      rexml
    kramdown-parser-gfm (1.1.0)
      kramdown (~> 2.0)
    kramdown-rfc (1.7.3)
      kramdown-rfc2629 (= 1.7.3)
    kramdown-rfc2629 (1.7.3)
      certified (~> 1.0)
      differ (~> 0.1)
      json_pure (~> 2.0)
      kramdown (~> 2.4.0)
      kramdown-parser-gfm (~> 1.1)
      net-http-persistent (~> 4.0)
      unicode-blocks (~> 1.0)
      unicode-name (~> 1.0)
      unicode-scripts (~> 1.0)
    net-http-persistent (4.0.2)
      connection_pool (~> 2.2)
    rexml (3.2.6)
    unicode-blocks (1.9.0)
    unicode-name (1.12.0)
      unicode-types (~> 1.9)
    unicode-scripts (1.9.0)
    unicode-types (1.9.0)

PLATFORMS
  arm64-darwin-20
  x86_64-linux

DEPENDENCIES
  kramdown-rfc

BUNDLED WITH
   2.2.3
